PATH
  remote: .
  specs:
    ns (0.0.1)
      xml-simple

GEM
  remote: https://rubygems.org/
  specs:
    metaclass (0.0.1)
    mocha (0.12.3)
      metaclass (~> 0.0.1)
    test-unit (2.4.8)
    xml-simple (1.1.1)

PLATFORMS
  ruby
  x86-mingw32

DEPENDENCIES
  mocha
  ns!
  test-unit
